GIT
  remote: https://github.com/LegionSB/smackr.git
  revision: d91679748e64e7a13209fc7339b0c7d8fd0b1d2b
  specs:
    smackr (0.0.6-java)

GIT
  remote: https://github.com/g1nn13/em-timers.git
  revision: c42402a1444a9d9e332c9136881bbec6c4ab23bc
  specs:
    em-timers (0.2.0)
      eventmachine

GIT
  remote: https://github.com/whitehat101/xmpp4r.git
  revision: d51f71e8226d829908e9c9335c32ab675753ee59
  specs:

GEM
  remote: http://www.rubygems.org/
  specs:
    barometer (0.7.4)
      crack
      httparty (>= 0.4.5)
      nokogiri
      tzinfo (>= 0.3.14)
    classifier (1.3.1)
      stemmer (>= 1.0.0)
    coderay (1.0.8)
    crack (0.1.6)
    daemons (1.1.9)
    diff-lcs (1.1.3)
    domain_name (0.5.7)
      unf (~> 0.0.3)
    eventmachine (1.0.0-java)
    faraday (0.8.5)
      multipart-post (~> 1.1)
    faraday_middleware (0.9.0)
      faraday (>= 0.7.4, < 0.9)
    hashie (1.2.0)
    http_parser.rb (0.5.3-java)
    httparty (0.5.2)
      crack (= 0.1.6)
    json (1.7.6-java)
    mechanize (2.5.1)
      domain_name (~> 0.5, >= 0.5.1)
      mime-types (~> 1.17, >= 1.17.2)
      net-http-digest_auth (~> 1.1, >= 1.1.1)
      net-http-persistent (~> 2.5, >= 2.5.2)
      nokogiri (~> 1.4)
      ntlm-http (~> 0.1, >= 0.1.1)
      webrobots (~> 0.0, >= 0.0.9)
    method_source (0.8.1)
    mime-types (1.20.1)
    multi_json (1.5.0)
    multipart-post (1.1.5)
    net-http-digest_auth (1.2.1)
    net-http-persistent (2.8)
    nokogiri (1.5.6-java)
    ntlm-http (0.1.1)
    pry (0.9.11.4-java)
      coderay (~> 1.0.5)
      method_source (~> 0.8)
      slop (~> 3.4)
      spoon (~> 0.0)
    require_all (1.2.1)
    rspec (2.12.0)
      rspec-core (~> 2.12.0)
      rspec-expectations (~> 2.12.0)
      rspec-mocks (~> 2.12.0)
    rspec-core (2.12.2)
    rspec-expectations (2.12.1)
      diff-lcs (~> 1.1.3)
    rspec-mocks (2.12.2)
    ruby-hackernews (1.3.3)
      mechanize (>= 1.0.0)
      require_all (>= 1.1.0)
    simple_oauth (0.1.9)
    slop (3.4.3)
    spoon (0.0.1)
    stemmer (1.0.1)
    timecop (0.5.9.1)
    tinder (1.9.2)
      eventmachine (~> 1.0)
      faraday (~> 0.8)
      faraday_middleware (~> 0.9)
      hashie (~> 1.0)
      json (~> 1.7.5)
      mime-types (~> 1.19)
      multi_json (~> 1.5)
      twitter-stream (~> 0.1)
    twitter-stream (0.1.16)
      eventmachine (>= 0.12.8)
      http_parser.rb (~> 0.5.1)
      simple_oauth (~> 0.1.4)
    twss (0.0.5)
      classifier (= 1.3.1)
    tzinfo (0.3.35)
    unf (0.0.5-java)
    webrobots (0.0.13)

PLATFORMS
  java

DEPENDENCIES
  amatch
  barometer
  daemons
  em-timers!
  nokogiri
  pry
  rspec
  ruby-hackernews
  smackr (= 0.0.6)!
  timecop
  tinder
  twss
  tzinfo
  xmpp4r!
